PATH
  remote: .
  specs:
    puppet-sec-lint (0.1.0)

GEM
  remote: https://rubygems.org/
  specs:
    daemons (1.3.1)
    eventmachine (1.2.7)
    inifile (3.0.0)
    minitest (5.14.4)
    puppet-lint (2.4.2)
    rack (2.2.3)
    rake (13.0.3)
    thin (1.8.0)
      daemons (~> 1.0, >= 1.0.9)
      eventmachine (~> 1.0, >= 1.0.4)
      rack (>= 1, < 3)

PLATFORMS
  x86_64-linux

DEPENDENCIES
  inifile
  minitest (~> 5.0)
  puppet-lint
  puppet-sec-lint!
  rack
  rake (~> 13.0)
  thin

BUNDLED WITH
   2.2.3
